NUGET
  remote: https://www.nuget.org/api/v2
  specs:
    FsWebAddRegistryEntries (0.1.1) - framework: >= net45
    Microsoft.AspNet.WebApi.Client (5.2.2)
      Newtonsoft.Json (>= 6.0.4) - framework: >= net45, portable-wp80+win+net45+wp81+wpa81
    Microsoft.AspNet.WebApi.Core (5.2.2)
      Microsoft.AspNet.WebApi.Client (>= 5.2.2)
    Microsoft.AspNet.WebApi.Owin (5.2.2)
      Microsoft.AspNet.WebApi.Core (>= 5.2.2 < 5.3)
      Microsoft.Owin (>= 2.0.2)
      Owin (>= 1.0)
    Microsoft.AspNet.WebApi.OwinSelfHost (5.2.2)
      Microsoft.AspNet.WebApi.Owin (>= 5.2.2 < 5.3)
      Microsoft.Owin.Host.HttpListener (>= 2.0.2)
      Microsoft.Owin.Hosting (>= 2.0.2)
    Microsoft.Owin (3.0)
      Owin (>= 1.0)
    Microsoft.Owin.Diagnostics (3.0) - framework: >= net45
      Microsoft.Owin (>= 3.0)
      Owin (>= 1.0)
    Microsoft.Owin.Host.HttpListener (3.0.1)
    Microsoft.Owin.Host.SystemWeb (3.0) - framework: >= net45
      Microsoft.Owin (>= 3.0)
      Owin (>= 1.0)
    Microsoft.Owin.Hosting (3.0)
      Microsoft.Owin (>= 3.0)
      Owin (>= 1.0)
    MSBuild.Extension.Pack (1.3)
    Newtonsoft.Json (6.0.4) - framework: >= net45, portable-wp80+win+net45+wp81+wpa81
    Owin (1.0)
